PATH
  remote: .
  specs:
    evok-to-mqtt (0.3.4)
      em-mqtt (~> 0.0.5)
      jsonrpc-client (~> 0.1.3)
      slop (~> 4.7.0)
      websocket-eventmachine-client (~> 1.2)

GEM
  remote: https://rubygems.org/
  specs:
    diff-lcs (1.3)
    em-mqtt (0.0.5)
      eventmachine
      mqtt (>= 0.3.0)
    eventmachine (1.2.7)
    faraday (0.16.2)
      multipart-post (>= 1.2, < 3)
    jsonrpc-client (0.1.3)
      faraday
      multi_json (>= 1.1.0)
    mqtt (0.5.0)
    multi_json (1.13.1)
    multipart-post (2.1.1)
    rake (10.5.0)
    rspec (3.7.0)
      rspec-core (~> 3.7.0)
      rspec-expectations (~> 3.7.0)
      rspec-mocks (~> 3.7.0)
    rspec-core (3.7.1)
      rspec-support (~> 3.7.0)
    rspec-expectations (3.7.0)
      diff-lcs (>= 1.2.0, < 2.0)
      rspec-support (~> 3.7.0)
    rspec-mocks (3.7.0)
      diff-lcs (>= 1.2.0, < 2.0)
      rspec-support (~> 3.7.0)
    rspec-support (3.7.1)
    slop (4.7.0)
    websocket (1.2.8)
    websocket-eventmachine-base (1.2.0)
      eventmachine (~> 1.0)
      websocket (~> 1.0)
      websocket-native (~> 1.0)
    websocket-eventmachine-client (1.3.0)
      websocket-eventmachine-base (~> 1.0)
    websocket-native (1.0.0)

PLATFORMS
  ruby

DEPENDENCIES
  bundler (~> 1.16)
  evok-to-mqtt!
  rake (~> 10.0)
  rspec (~> 3.0)

BUNDLED WITH
   1.17.2
