PATH
  remote: .
  specs:
    evok-to-mqtt (0.1.0)
      mqtt
      websocket-client-simple

GEM
  remote: https://rubygems.org/
  specs:
    diff-lcs (1.3)
    event_emitter (0.2.6)
    mqtt (0.5.0)
    rake (10.5.0)
    rspec (3.7.0)
      rspec-core (~> 3.7.0)
      rspec-expectations (~> 3.7.0)
      rspec-mocks (~> 3.7.0)
    rspec-core (3.7.1)
      rspec-support (~> 3.7.0)
    rspec-expectations (3.7.0)
      diff-lcs (>= 1.2.0, < 2.0)
      rspec-support (~> 3.7.0)
    rspec-mocks (3.7.0)
      diff-lcs (>= 1.2.0, < 2.0)
      rspec-support (~> 3.7.0)
    rspec-support (3.7.1)
    websocket (1.2.8)
    websocket-client-simple (0.3.0)
      event_emitter
      websocket

PLATFORMS
  ruby

DEPENDENCIES
  bundler (~> 1.16)
  evok-to-mqtt!
  rake (~> 10.0)
  rspec (~> 3.0)

BUNDLED WITH
   1.16.1
